GEM
  remote: http://rubygems.org/
  specs:
    chunky_png (1.2.8)
    compass (0.12.2)
      chunky_png (~> 1.2)
      fssm (>= 0.2.7)
      sass (~> 3.1)
    compass-h5bp (0.1.0)
      compass
    fssm (0.2.10)
    html5-boilerplate (2.1.0)
      compass
      compass-h5bp
    sass (3.2.7)
    susy (1.0.8)
      compass (>= 0.12.2)
      sass (>= 3.2.0)

PLATFORMS
  ruby

DEPENDENCIES
  compass (~> 0.12.2)
  html5-boilerplate (~> 2.1.0)
  susy (~> 1.0.8)
